GEM
  remote: https://rubygems.org/
  specs:
    effin_utf8 (1.0)
    faraday (0.9.1)
      multipart-post (>= 1.2, < 3)
    faraday_middleware (0.9.1)
      faraday (>= 0.7.4, < 0.10)
    hashie (3.4.1)
    multi_json (1.11.0)
    multipart-post (2.0.0)
    rabbitmq_http_api_client (1.6.0)
      effin_utf8 (~> 1.0.0)
      faraday (~> 0.9.0)
      faraday_middleware (~> 0.9.0)
      hashie (~> 3.2)
      multi_json (~> 1.9)

PLATFORMS
  ruby

DEPENDENCIES
  rabbitmq_http_api_client (>= 1.6.0)
